GEM
  remote: https://rubygems.org/
  specs:
    byebug (11.1.3)
    minitest (5.14.1)
    minitest-hooks (1.5.0)
      minitest (> 5.3)
    rake (13.0.1)

PLATFORMS
  ruby

DEPENDENCIES
  byebug
  minitest
  minitest-hooks
  rake

BUNDLED WITH
   2.1.4
